GIT
  remote: http://github.com/cloudfoundry/cf-app-utils-ruby.git
  revision: bbad1b0df516cb26ff3399495db92ee9cbdb4b8b
  specs:
    cf-app-utils (0.6)

GEM
  remote: https://rubygems.org/
  specs:
    json (1.8.3)
    mustermann (2.0.2)
      ruby2_keywords (~> 0.0.1)
    pg (0.18.3)
    rack (2.2.4)
    rack-protection (2.2.3)
      rack
    ruby2_keywords (0.0.5)
    sinatra (2.2.3)
      mustermann (~> 2.0)
      rack (~> 2.2)
      rack-protection (= 2.2.3)
      tilt (~> 2.0)
    tilt (2.0.11)

PLATFORMS
  ruby

DEPENDENCIES
  cf-app-utils!
  json
  pg
  sinatra

BUNDLED WITH
   1.10.6
